GEM
  remote: https://rubygems.org/
  specs:
    pg (1.5.7)

PLATFORMS
  arm64-darwin-23
  ruby

DEPENDENCIES
  pg

BUNDLED WITH
   2.5.9
